GEM
  remote: https://rubygems.org/
  specs:
    addressable (2.8.4)
      public_suffix (>= 2.0.2, < 6.0)
    ansi (1.5.0)
    aws-sdk (1.8.2)
      json (~> 1.4)
      nokogiri (>= 1.4.4)
      uuidtools (~> 2.1)
    boxen (1.5.2)
      ansi (~> 1.4)
      hiera (~> 1.0)
      highline (~> 1.6)
      json_pure (>= 1.7.7, < 2.0)
      librarian-puppet (~> 0.9.9)
      octokit (~> 1.15)
      puppet (~> 3.0)
    builder (3.1.4)
    facter (2.5.7)
    faraday (0.17.6)
      multipart-post (>= 1.2, < 3)
    faraday_middleware (0.14.0)
      faraday (>= 0.7.4, < 1.0)
    hashie (2.1.2)
    hiera (1.3.4)
      json_pure
    highline (1.7.10)
    json (1.8.6)
    json_pure (1.8.6)
    librarian (0.1.2)
      highline
      thor (~> 0.15)
    librarian-puppet (0.9.17)
      json
      librarian (>= 0.1.2)
    multi_json (1.15.0)
    multipart-post (2.3.0)
    net-ssh (2.6.5)
    netrc (0.7.9)
    nokogiri (1.5.6)
    octokit (1.25.0)
      addressable (~> 2.2)
      faraday (~> 0.8)
      faraday_middleware (~> 0.9)
      hashie (~> 2.0)
      multi_json (~> 1.3)
      netrc (~> 0.7.7)
    open4 (1.3.0)
    public_suffix (5.0.1)
    puppet (3.8.7)
      facter (> 1.6, < 3)
      hiera (~> 1.0)
      json_pure
    rbvmomi (1.6.0)
      builder
      nokogiri (>= 1.4.1)
      trollop
    thor (0.20.3)
    trollop (2.0)
    uuidtools (2.1.3)

PLATFORMS
  ruby

DEPENDENCIES
  aws-sdk
  boxen (~> 1.5, >= 1.5.2)
  net-ssh
  open4 (~> 1.3)
  rbvmomi

BUNDLED WITH
   2.1.4
